GEM
  remote: https://rubygems.org/
  specs:
    bitswitch (1.1.4)
    gold_mine (1.0.0)
      bitswitch (~> 1.1.4)
    rack (1.5.2)
    rack-protection (1.5.3)
      rack
    rack-test (0.6.2)
      rack (>= 1.0)
    ruby_cowsay (0.1.1)
    sinatra (1.4.5)
      rack (~> 1.4)
      rack-protection (~> 1.4)
      tilt (~> 1.3, >= 1.3.4)
    tilt (1.4.1)

PLATFORMS
  ruby

DEPENDENCIES
  gold_mine
  rack-test
  ruby_cowsay
  sinatra
